GEM
  remote: https://rubygems.org/
  specs:
    ast (2.4.2)
    diff-lcs (1.4.4)
    given_core (3.8.2)
      sorcerer (>= 0.3.7)
    parser (2.7.0.5)
      ast (~> 2.4.0)
    rspec (3.10.0)
      rspec-core (~> 3.10.0)
      rspec-expectations (~> 3.10.0)
      rspec-mocks (~> 3.10.0)
    rspec-core (3.10.1)
      rspec-support (~> 3.10.0)
    rspec-expectations (3.10.1)
      diff-lcs (>= 1.2.0, < 2.0)
      rspec-support (~> 3.10.0)
    rspec-given (3.8.2)
      given_core (= 3.8.2)
      rspec (>= 2.14.0)
    rspec-mocks (3.10.2)
      diff-lcs (>= 1.2.0, < 2.0)
      rspec-support (~> 3.10.0)
    rspec-support (3.10.2)
    sorcerer (2.0.1)

PLATFORMS
  x86_64-linux

DEPENDENCIES
  parser (< 2.7.1.0)
  rspec
  rspec-given

BUNDLED WITH
   2.2.11
